GEM
  remote: https://rubygems.org/
  specs:
    chunky_png (1.3.0)
    compass (0.12.6)
      chunky_png (~> 1.2)
      fssm (>= 0.2.7)
      sass (~> 3.2.19)
    fssm (0.2.10)
    hiredis (0.5.1)
    msgpack (0.5.8)
    nido (0.0.1)
    ohm (2.0.0)
      msgpack
      nido
      redic
    rack (1.5.2)
    rack-protection (1.5.2)
      rack
    redic (1.1.0)
      hiredis
    sass (3.2.19)
    sinatra (1.4.4)
      rack (~> 1.4)
      rack-protection (~> 1.4)
      tilt (~> 1.3, >= 1.3.4)
    tilt (1.4.1)

PLATFORMS
  ruby

DEPENDENCIES
  compass
  ohm
  sinatra
