GEM
  remote: https://rubygems.org/
  specs:
    aws-sdk (1.19.0)
      json (~> 1.4)
      nokogiri (>= 1.4.4, < 1.6.0)
      uuidtools (~> 2.1)
    chunky_png (1.3.0)
    compass (0.12.6)
      chunky_png (~> 1.2)
      fssm (>= 0.2.7)
      sass (~> 3.2.19)
    fssm (0.2.10)
    hiredis (0.5.1)
    json (1.8.1)
    msgpack (0.5.8)
    nido (0.0.1)
    nokogiri (1.5.10)
    ohm (2.0.0)
      msgpack
      nido
      redic
    ohm-contrib (2.0.0)
      ohm (~> 2.0.0)
    rack (1.5.2)
    rack-protection (1.5.2)
      rack
    redic (1.1.0)
      hiredis
    sass (3.2.19)
    sinatra (1.4.4)
      rack (~> 1.4)
      rack-protection (~> 1.4)
      tilt (~> 1.3, >= 1.3.4)
    tilt (1.4.1)
    uuidtools (2.1.4)

PLATFORMS
  ruby

DEPENDENCIES
  aws-sdk
  compass
  ohm
  ohm-contrib
  sinatra
